GIT
  remote: https://github.com/mimemagicrb/mimemagic.git
  revision: 01f92d86d15d85cfd0f20dabd025dcbd36a8a60f
  ref: 01f92d86d15d85cfd0f20dabd025dcbd36a8a60f
  specs:
    mimemagic (0.3.5)

GEM
  remote: https://rubygems.org/
  specs:
    actioncable (6.0.3.4)
      actionpack (= 6.0.3.4)
      nio4r (~> 2.0)
      websocket-driver (>= 0.6.1)
    actionmailbox (6.0.3.4)
      actionpack (= 6.0.3.4)
      activejob (= 6.0.3.4)
      activerecord (= 6.0.3.4)
      activestorage (= 6.0.3.4)
      activesupport (= 6.0.3.4)
      mail (>= 2.7.1)
    actionmailer (6.0.3.4)
      actionpack (= 6.0.3.4)
      actionview (= 6.0.3.4)
      activejob (= 6.0.3.4)
      mail (~> 2.5, >= 2.5.4)
      rails-dom-testing (~> 2.0)
    actionpack (6.0.3.4)
      actionview (= 6.0.3.4)
      activesupport (= 6.0.3.4)
      rack (~> 2.0, >= 2.0.8)
      rack-test (>= 0.6.3)
      rails-dom-testing (~> 2.0)
      rails-html-sanitizer (~> 1.0, >= 1.2.0)
    actiontext (6.0.3.4)
      actionpack (= 6.0.3.4)
      activerecord (= 6.0.3.4)
      activestorage (= 6.0.3.4)
      activesupport (= 6.0.3.4)
      nokogiri (>= 1.8.5)
    actionview (6.0.3.4)
      activesupport (= 6.0.3.4)
      builder (~> 3.1)
      erubi (~> 1.4)
      rails-dom-testing (~> 2.0)
      rails-html-sanitizer (~> 1.1, >= 1.2.0)
    active_model_serializers (0.10.12)
      actionpack (>= 4.1, < 6.2)
      activemodel (>= 4.1, < 6.2)
      case_transform (>= 0.2)
      jsonapi-renderer (>= 0.1.1.beta1, < 0.3)
    activejob (6.0.3.4)
      activesupport (= 6.0.3.4)
      globalid (>= 0.3.6)
    activemodel (6.0.3.4)
      activesupport (= 6.0.3.4)
    activerecord (6.0.3.4)
      activemodel (= 6.0.3.4)
      activesupport (= 6.0.3.4)
    activestorage (6.0.3.4)
      actionpack (= 6.0.3.4)
      activejob (= 6.0.3.4)
      activerecord (= 6.0.3.4)
      marcel (~> 0.3.1)
    activestorage-validator (0.1.3)
      rails (>= 5.2.0)
    activesupport (6.0.3.4)
      concurrent-ruby (~> 1.0, >= 1.0.2)
      i18n (>= 0.7, < 2)
      minitest (~> 5.1)
      tzinfo (~> 1.1)
      zeitwerk (~> 2.2, >= 2.2.2)
    addressable (2.7.0)
      public_suffix (>= 2.0.2, < 5.0)
    airbrussh (1.4.0)
      sshkit (>= 1.6.1, != 1.7.0)
    ast (2.4.1)
    autodoc (0.7.4)
      actionpack
      activesupport (>= 3.0.0)
      rspec
    aws-eventstream (1.1.0)
    aws-partitions (1.390.0)
    aws-sdk-core (3.109.2)
      aws-eventstream (~> 1, >= 1.0.2)
      aws-partitions (~> 1, >= 1.239.0)
      aws-sigv4 (~> 1.1)
      jmespath (~> 1.0)
    aws-sdk-kms (1.39.0)
      aws-sdk-core (~> 3, >= 3.109.0)
      aws-sigv4 (~> 1.1)
    aws-sdk-s3 (1.83.1)
      aws-sdk-core (~> 3, >= 3.109.0)
      aws-sdk-kms (~> 1)
      aws-sigv4 (~> 1.1)
    aws-sigv4 (1.2.2)
      aws-eventstream (~> 1, >= 1.0.2)
    axlsx_styler (1.1.0)
      activesupport (>= 3.1)
      caxlsx (>= 2.0.2)
    bcrypt (3.1.16)
    bindex (0.8.1)
    bootsnap (1.5.1)
      msgpack (~> 1.0)
    builder (3.2.4)
    byebug (11.1.3)
    cancancan (3.1.0)
    capistrano (3.14.1)
      airbrussh (>= 1.0.0)
      i18n
      rake (>= 10.0.0)
      sshkit (>= 1.9.0)
    capistrano-bundler (2.0.1)
      capistrano (~> 3.1)
    capistrano-rails (1.6.1)
      capistrano (~> 3.1)
      capistrano-bundler (>= 1.1, < 3)
    capistrano-rbenv (2.2.0)
      capistrano (~> 3.1)
      sshkit (~> 1.3)
    capistrano-sidekiq (1.0.2)
      capistrano (>= 3.9.0)
      sidekiq (>= 3.4)
    capistrano3-puma (5.0.2)
      capistrano (~> 3.7)
      capistrano-bundler
      puma (>= 4.0, < 6.0)
    case_transform (0.2)
      activesupport
    caxlsx (3.0.4)
      htmlentities (~> 4.3, >= 4.3.4)
      mimemagic (~> 0.3)
      nokogiri (~> 1.10, >= 1.10.4)
      rubyzip (>= 1.3.0, < 3)
    chronic (0.10.2)
    chunky_png (1.4.0)
    coderay (1.1.3)
    coffee-rails (5.0.0)
      coffee-script (>= 2.2.0)
      railties (>= 5.2.0)
    coffee-script (2.4.1)
      coffee-script-source
      execjs
    coffee-script-source (1.12.2)
    concurrent-ruby (1.1.7)
    config (2.2.1)
      deep_merge (~> 1.2, >= 1.2.1)
      dry-validation (~> 1.0, >= 1.0.0)
    connection_pool (2.2.3)
    crack (0.4.4)
    crass (1.0.6)
    dante (0.2.0)
    deep_merge (1.2.1)
    devise (4.7.3)
      bcrypt (~> 3.0)
      orm_adapter (~> 0.1)
      railties (>= 4.1.0)
      responders
      warden (~> 1.2.3)
    devise_token_auth (1.1.4)
      bcrypt (~> 3.0)
      devise (> 3.5.2, < 5)
      rails (>= 4.2.0, < 6.1)
      sprockets (= 3.7.2)
    diff-lcs (1.4.4)
    docile (1.4.0)
    dry-configurable (0.11.6)
      concurrent-ruby (~> 1.0)
      dry-core (~> 0.4, >= 0.4.7)
      dry-equalizer (~> 0.2)
    dry-container (0.7.2)
      concurrent-ruby (~> 1.0)
      dry-configurable (~> 0.1, >= 0.1.3)
    dry-core (0.4.9)
      concurrent-ruby (~> 1.0)
    dry-equalizer (0.3.0)
    dry-inflector (0.2.0)
    dry-initializer (3.0.4)
    dry-logic (1.0.8)
      concurrent-ruby (~> 1.0)
      dry-core (~> 0.2)
      dry-equalizer (~> 0.2)
    dry-schema (1.5.6)
      concurrent-ruby (~> 1.0)
      dry-configurable (~> 0.8, >= 0.8.3)
      dry-core (~> 0.4)
      dry-equalizer (~> 0.2)
      dry-initializer (~> 3.0)
      dry-logic (~> 1.0)
      dry-types (~> 1.4)
    dry-types (1.4.0)
      concurrent-ruby (~> 1.0)
      dry-container (~> 0.3)
      dry-core (~> 0.4, >= 0.4.4)
      dry-equalizer (~> 0.3)
      dry-inflector (~> 0.1, >= 0.1.2)
      dry-logic (~> 1.0, >= 1.0.2)
    dry-validation (1.5.6)
      concurrent-ruby (~> 1.0)
      dry-container (~> 0.7, >= 0.7.1)
      dry-core (~> 0.4)
      dry-equalizer (~> 0.2)
      dry-initializer (~> 3.0)
      dry-schema (~> 1.5, >= 1.5.2)
    erubi (1.10.0)
    execjs (2.7.0)
    factory_bot (6.1.0)
      activesupport (>= 5.0.0)
    factory_bot_rails (6.1.0)
      factory_bot (~> 6.1.0)
      railties (>= 5.0.0)
    faker (2.15.1)
      i18n (>= 1.6, < 2)
    faraday (1.1.0)
      multipart-post (>= 1.2, < 3)
      ruby2_keywords
    faraday_middleware (1.0.0)
      faraday (~> 1.0)
    ffi (1.15.5)
    figaro (1.2.0)
      thor (>= 0.14.0, < 2)
    gli (2.19.2)
    globalid (0.4.2)
      activesupport (>= 4.2.0)
    hashdiff (1.0.1)
    hashie (4.1.0)
    htmlentities (4.3.4)
    i18n (1.8.5)
      concurrent-ruby (~> 1.0)
    icalendar (2.7.1)
      ice_cube (~> 0.16)
    ice_cube (0.16.4)
    image_processing (1.12.1)
      mini_magick (>= 4.9.5, < 5)
      ruby-vips (>= 2.0.17, < 3)
    jbuilder (2.10.1)
      activesupport (>= 5.0.0)
    jmespath (1.4.0)
    jsonapi-renderer (0.2.2)
    kaminari (1.2.1)
      activesupport (>= 4.1.0)
      kaminari-actionview (= 1.2.1)
      kaminari-activerecord (= 1.2.1)
      kaminari-core (= 1.2.1)
    kaminari-actionview (1.2.1)
      actionview
      kaminari-core (= 1.2.1)
    kaminari-activerecord (1.2.1)
      activerecord
      kaminari-core (= 1.2.1)
    kaminari-core (1.2.1)
    launchy (2.5.0)
      addressable (~> 2.7)
    letter_opener (1.7.0)
      launchy (~> 2.2)
    letter_opener_web (1.4.0)
      actionmailer (>= 3.2)
      letter_opener (~> 1.0)
      railties (>= 3.2)
    listen (3.2.1)
      rb-fsevent (~> 0.10, >= 0.10.3)
      rb-inotify (~> 0.9, >= 0.9.10)
    loofah (2.8.0)
      crass (~> 1.0.2)
      nokogiri (>= 1.5.9)
    mail (2.7.1)
      mini_mime (>= 0.1.1)
    marcel (0.3.3)
      mimemagic (~> 0.3.2)
    method_source (1.0.0)
    mini_magick (4.11.0)
    mini_mime (1.0.2)
    mini_portile2 (2.4.0)
    minitest (5.14.2)
    mock_redis (0.26.0)
    moji (1.6)
    msgpack (1.3.3)
    multi_json (1.15.0)
    multipart-post (2.1.1)
    mysql2 (0.5.3)
    net-scp (3.0.0)
      net-ssh (>= 2.6.5, < 7.0.0)
    net-ssh (6.1.0)
    nio4r (2.5.4)
    nokogiri (1.10.10)
      mini_portile2 (~> 2.4.0)
    okcomputer (1.18.4)
    omniauth (1.9.1)
      hashie (>= 3.4.6)
      rack (>= 1.6.2, < 3)
    orm_adapter (0.5.0)
    parallel (1.20.1)
    parser (2.7.2.0)
      ast (~> 2.4.1)
    pdfkit (0.8.5)
    polyamorous (2.3.2)
      activerecord (>= 5.2.1)
    pry (0.13.1)
      coderay (~> 1.1)
      method_source (~> 1.0)
    pry-byebug (3.9.0)
      byebug (~> 11.0)
      pry (~> 0.13.0)
    pry-rails (0.3.9)
      pry (>= 0.10.4)
    public_suffix (4.0.6)
    puma (4.3.7)
      nio4r (~> 2.0)
    rack (2.2.3)
    rack-cors (1.1.1)
      rack (>= 2.0.0)
    rack-test (1.1.0)
      rack (>= 1.0, < 3)
    rails (6.0.3.4)
      actioncable (= 6.0.3.4)
      actionmailbox (= 6.0.3.4)
      actionmailer (= 6.0.3.4)
      actionpack (= 6.0.3.4)
      actiontext (= 6.0.3.4)
      actionview (= 6.0.3.4)
      activejob (= 6.0.3.4)
      activemodel (= 6.0.3.4)
      activerecord (= 6.0.3.4)
      activestorage (= 6.0.3.4)
      activesupport (= 6.0.3.4)
      bundler (>= 1.3.0)
      railties (= 6.0.3.4)
      sprockets-rails (>= 2.0.0)
    rails-controller-testing (1.0.5)
      actionpack (>= 5.0.1.rc1)
      actionview (>= 5.0.1.rc1)
      activesupport (>= 5.0.1.rc1)
    rails-dom-testing (2.0.3)
      activesupport (>= 4.2.0)
      nokogiri (>= 1.6)
    rails-html-sanitizer (1.3.0)
      loofah (~> 2.3)
    railties (6.0.3.4)
      actionpack (= 6.0.3.4)
      activesupport (= 6.0.3.4)
      method_source
      rake (>= 0.8.7)
      thor (>= 0.20.3, < 2.0)
    rainbow (3.0.0)
    rake (13.0.3)
    ransack (2.3.2)
      activerecord (>= 5.2.1)
      activesupport (>= 5.2.1)
      i18n
      polyamorous (= 2.3.2)
    rb-fsevent (0.10.4)
    rb-inotify (0.10.1)
      ffi (~> 1.0)
    redcarpet (3.5.1)
    redis (4.2.2)
    redis-actionpack (5.2.0)
      actionpack (>= 5, < 7)
      redis-rack (>= 2.1.0, < 3)
      redis-store (>= 1.1.0, < 2)
    redis-activesupport (5.2.0)
      activesupport (>= 3, < 7)
      redis-store (>= 1.3, < 2)
    redis-rack (2.1.3)
      rack (>= 2.0.8, < 3)
      redis-store (>= 1.2, < 2)
    redis-rails (5.0.2)
      redis-actionpack (>= 5.0, < 6)
      redis-activesupport (>= 5.0, < 6)
      redis-store (>= 1.2, < 2)
    redis-store (1.9.0)
      redis (>= 4, < 5)
    regexp_parser (2.0.1)
    responders (3.0.1)
      actionpack (>= 5.0)
      railties (>= 5.0)
    rexml (3.2.4)
    rqrcode (2.0.0)
      chunky_png (~> 1.0)
      rqrcode_core (~> 1.0)
    rqrcode_core (1.1.0)
    rspec (3.10.0)
      rspec-core (~> 3.10.0)
      rspec-expectations (~> 3.10.0)
      rspec-mocks (~> 3.10.0)
    rspec-core (3.10.0)
      rspec-support (~> 3.10.0)
    rspec-expectations (3.10.0)
      diff-lcs (>= 1.2.0, < 2.0)
      rspec-support (~> 3.10.0)
    rspec-mocks (3.10.0)
      diff-lcs (>= 1.2.0, < 2.0)
      rspec-support (~> 3.10.0)
    rspec-rails (4.0.1)
      actionpack (>= 4.2)
      activesupport (>= 4.2)
      railties (>= 4.2)
      rspec-core (~> 3.9)
      rspec-expectations (~> 3.9)
      rspec-mocks (~> 3.9)
      rspec-support (~> 3.9)
    rspec-support (3.10.0)
    rspec_junit_formatter (0.4.1)
      rspec-core (>= 2, < 4, != 2.12.0)
    rubocop (1.6.1)
      parallel (~> 1.10)
      parser (>= 2.7.1.5)
      rainbow (>= 2.2.2, < 4.0)
      regexp_parser (>= 1.8, < 3.0)
      rexml
      rubocop-ast (>= 1.2.0, < 2.0)
      ruby-progressbar (~> 1.7)
      unicode-display_width (>= 1.4.0, < 2.0)
    rubocop-ast (1.3.0)
      parser (>= 2.7.1.5)
    rubocop-performance (1.9.1)
      rubocop (>= 0.90.0, < 2.0)
      rubocop-ast (>= 0.4.0)
    rubocop-rails (2.9.1)
      activesupport (>= 4.2.0)
      rack (>= 1.1)
      rubocop (>= 0.90.0, < 2.0)
    ruby-progressbar (1.10.1)
    ruby-vips (2.0.17)
      ffi (~> 1.9)
    ruby2_keywords (0.0.2)
    rubyzip (2.3.0)
    sass-rails (6.0.0)
      sassc-rails (~> 2.1, >= 2.1.1)
    sassc (2.4.0)
      ffi (~> 1.9)
    sassc-rails (2.1.2)
      railties (>= 4.0.0)
      sassc (>= 2.0)
      sprockets (> 3.0)
      sprockets-rails
      tilt
    sentry-rails (5.2.0)
      railties (>= 5.0)
      sentry-ruby-core (~> 5.2.0)
    sentry-ruby (5.2.0)
      concurrent-ruby (~> 1.0, >= 1.0.2)
      sentry-ruby-core (= 5.2.0)
    sentry-ruby-core (5.2.0)
      concurrent-ruby
    sentry-sidekiq (5.2.0)
      sentry-ruby-core (~> 5.2.0)
      sidekiq (>= 3.0)
    shoulda-matchers (4.4.1)
      activesupport (>= 4.2.0)
    sidekiq (6.1.2)
      connection_pool (>= 2.2.2)
      rack (~> 2.0)
      redis (>= 4.2.0)
    simplecov (0.21.2)
      docile (~> 1.1)
      simplecov-html (~> 0.11)
      simplecov_json_formatter (~> 0.1)
    simplecov-html (0.12.3)
    simplecov_json_formatter (0.1.3)
    slack-ruby-client (0.15.1)
      faraday (>= 1.0)
      faraday_middleware
      gli
      hashie
      websocket-driver
    spring (2.1.1)
    spring-watcher-listen (2.0.1)
      listen (>= 2.7, < 4.0)
      spring (>= 1.2, < 3.0)
    sprockets (3.7.2)
      concurrent-ruby (~> 1.0)
      rack (> 1, < 3)
    sprockets-rails (3.2.2)
      actionpack (>= 4.0)
      activesupport (>= 4.0)
      sprockets (>= 3.0.0)
    sshkit (1.21.1)
      net-scp (>= 1.1.2)
      net-ssh (>= 2.8.0)
    stripe (5.28.0)
    stripe-ruby-mock (3.0.1)
      dante (>= 0.2.0)
      multi_json (~> 1.0)
      stripe (> 5, < 6)
    thor (1.0.1)
    thread_safe (0.3.6)
    tilt (2.0.10)
    timecop (0.9.2)
    tzinfo (1.2.9)
      thread_safe (~> 0.1)
    uglifier (4.2.0)
      execjs (>= 0.3.0, < 3)
    unicode-display_width (1.7.0)
    user_agent_parser (2.7.0)
    warden (1.2.9)
      rack (>= 2.0.9)
    web-console (4.1.0)
      actionview (>= 6.0.0)
      activemodel (>= 6.0.0)
      bindex (>= 0.4.0)
      railties (>= 6.0.0)
    webmock (3.11.0)
      addressable (>= 2.3.6)
      crack (>= 0.3.2)
      hashdiff (>= 0.4.0, < 2.0.0)
    websocket-driver (0.7.3)
      websocket-extensions (>= 0.1.0)
    websocket-extensions (0.1.5)
    whenever (1.0.0)
      chronic (>= 0.6.3)
    wkhtmltopdf-binary (0.12.6.5)
    zeitwerk (2.4.2)

PLATFORMS
  arm64-darwin-21
  ruby
  x86_64-darwin-19
  x86_64-linux

DEPENDENCIES
  active_model_serializers
  activestorage-validator
  autodoc
  aws-sdk-s3
  axlsx_styler
  bootsnap
  byebug
  cancancan
  capistrano
  capistrano-bundler
  capistrano-rails
  capistrano-rbenv
  capistrano-sidekiq
  capistrano3-puma (>= 4.0.0)
  caxlsx
  coffee-rails
  config
  connection_pool
  devise
  devise_token_auth
  factory_bot_rails
  faker
  faraday
  figaro
  icalendar
  image_processing
  jbuilder
  kaminari
  letter_opener_web
  listen
  mimemagic!
  mock_redis
  moji
  mysql2
  okcomputer
  omniauth
  pdfkit
  pry-byebug
  pry-rails
  puma
  rack-cors
  rails (= 6.0.3.4)
  rails-controller-testing
  ransack
  redcarpet
  redis-rails
  rqrcode
  rspec-rails
  rspec_junit_formatter
  rubocop-performance
  rubocop-rails
  rubyzip
  sass-rails
  sentry-rails
  sentry-ruby
  sentry-sidekiq
  shoulda-matchers
  sidekiq
  simplecov
  slack-ruby-client
  spring
  spring-watcher-listen
  stripe
  stripe-ruby-mock (~> 3.0.1)
  timecop
  uglifier
  user_agent_parser
  web-console
  webmock
  whenever
  wkhtmltopdf-binary

RUBY VERSION
   ruby 2.7.2p137

BUNDLED WITH
   2.2.2
